GEM
  remote: https://rubygems.org/
  specs:
    httparty (0.13.5)
      json (~> 1.8)
      multi_xml (>= 0.5.2)
    json (1.8.3)
    multi_xml (0.5.5)
    sequel (4.24.0)

PLATFORMS
  ruby

DEPENDENCIES
  httparty
  json
  sequel

BUNDLED WITH
   1.10.5
